PATH
  remote: .
  specs:
    git-commit-story (0.1.0)

GEM
  remote: http://rubygems.org/
  specs:
    diff-lcs (1.2.4)
    rspec (2.13.0)
      rspec-core (~> 2.13.0)
      rspec-expectations (~> 2.13.0)
      rspec-mocks (~> 2.13.0)
    rspec-core (2.13.1)
    rspec-expectations (2.13.0)
      diff-lcs (>= 1.1.3, < 2.0)
    rspec-mocks (2.13.1)
    watchr (0.7)

PLATFORMS
  ruby

DEPENDENCIES
  git-commit-story!
  rspec
  watchr
